GIT
  remote: https://github.com/damianFC/alexa-rubykit
  revision: 22bbf1bb29cdc0ad43b130853785320ce7dea1fb
  specs:
    alexa_rubykit (1.1.0)
      bundler (~> 1.7)
      rake (~> 11.0)

GEM
  remote: https://rubygems.org/
  specs:
    humanize (1.1.2)
    rack (1.6.4)
    rack-protection (1.5.3)
      rack
    rake (11.3.0)
    sinatra (1.4.7)
      rack (~> 1.5)
      rack-protection (~> 1.4)
      tilt (>= 1.3, < 3)
    tilt (2.0.5)

PLATFORMS
  ruby

DEPENDENCIES
  alexa_rubykit!
  humanize
  sinatra

BUNDLED WITH
   1.12.5
