GIT
  remote: https://github.com/damianFC/alexa-rubykit
  revision: 06c9506b20adbd6fb0f37d6a1df223e1d8469338
  specs:
    alexa_rubykit (1.3.1)
      bundler (~> 1.7)
      rake

GEM
  remote: https://rubygems.org/
  specs:
    humanize (1.7.0)
    mustermann (1.0.2)
    rack (2.0.4)
    rack-protection (2.0.1)
      rack
    rake (12.3.1)
    sinatra (2.0.1)
      mustermann (~> 1.0)
      rack (~> 2.0)
      rack-protection (= 2.0.1)
      tilt (~> 2.0)
    tilt (2.0.8)

PLATFORMS
  ruby

DEPENDENCIES
  alexa_rubykit!
  humanize
  sinatra

BUNDLED WITH
   1.16.1
